GEM
  remote: http://rubygems.org/
  specs:
    activesupport (3.0.5)
    bson (1.2.4)
    diff-lcs (1.1.2)
    haml (3.0.25)
    json (1.5.1)
    mongo (1.2.4)
      bson (>= 1.2.4)
    mongomatic (0.7.3)
      activesupport (>= 2.3.5)
      bson (~> 1.1)
      mongo (~> 1.1)
    rack (1.2.1)
    rack-flash (0.1.1)
      rack
    rspec (2.5.0)
      rspec-core (~> 2.5.0)
      rspec-expectations (~> 2.5.0)
      rspec-mocks (~> 2.5.0)
    rspec-core (2.5.1)
    rspec-expectations (2.5.0)
      diff-lcs (~> 1.1.2)
    rspec-mocks (2.5.0)
    shotgun (0.9)
      rack (>= 1.0)
    sinatra (1.2.0)
      rack (~> 1.1)
      tilt (< 2.0, >= 1.2.2)
    tilt (1.2.2)
    warden (1.0.3)
      rack (>= 1.0.0)

PLATFORMS
  ruby

DEPENDENCIES
  haml
  json
  mongomatic
  rack-flash
  rspec
  shotgun
  sinatra
  warden
