GIT
  remote: git://github.com/bbarr/mote.git
  revision: 40619086294ec8bb3f79b0e9db3ee6c2d812ecc1
  specs:
    mote (0.5.3)
      activemodel (~> 3.0.0)
      activesupport (~> 3.0.0)
      bson_ext (>= 1.2)
      fast-stemmer (>= 1.0.0)
      i18n
      mongo (>= 1.2)

GEM
  remote: http://rubygems.org/
  specs:
    activemodel (3.0.5)
      activesupport (= 3.0.5)
      builder (~> 2.1.2)
      i18n (~> 0.4)
    activesupport (3.0.5)
    bson (1.2.4)
    bson_ext (1.2.4)
    builder (2.1.2)
    diff-lcs (1.1.2)
    fast-stemmer (1.0.0)
    haml (3.0.25)
    i18n (0.5.0)
    json (1.5.1)
    mongo (1.2.4)
      bson (>= 1.2.4)
    rack (1.2.1)
    rack-flash (0.1.1)
      rack
    rspec (2.5.0)
      rspec-core (~> 2.5.0)
      rspec-expectations (~> 2.5.0)
      rspec-mocks (~> 2.5.0)
    rspec-core (2.5.1)
    rspec-expectations (2.5.0)
      diff-lcs (~> 1.1.2)
    rspec-mocks (2.5.0)
    shotgun (0.9)
      rack (>= 1.0)
    sinatra (1.2.0)
      rack (~> 1.1)
      tilt (< 2.0, >= 1.2.2)
    tilt (1.2.2)
    warden (1.0.3)
      rack (>= 1.0.0)

PLATFORMS
  ruby

DEPENDENCIES
  haml
  json
  mote!
  rack-flash
  rspec
  shotgun
  sinatra
  warden
