GEM
  remote: http://rubygems.org/
  specs:
    haml (3.0.25)
    json (1.5.1)
    rack (1.2.1)
    rack-flash (0.1.1)
      rack
    shotgun (0.9)
      rack (>= 1.0)
    sinatra (1.2.0)
      rack (~> 1.1)
      tilt (< 2.0, >= 1.2.2)
    tilt (1.2.2)
    warden (1.0.3)
      rack (>= 1.0.0)

PLATFORMS
  ruby

DEPENDENCIES
  haml
  json
  rack-flash
  shotgun
  sinatra
  warden
